GEM
  remote: http://rubygems.org/
  specs:
    crack (0.1.6)
    hashie (0.2.2)
    httparty (0.5.2)
      crack (= 0.1.6)
    oauth (0.4.4)
    prowl (0.1.3)
    twitter (0.9.5)
      hashie (~> 0.2.0)
      httparty (~> 0.5.0)
      oauth (>= 0.3.5)
      yajl-ruby (~> 0.7.0)
    yajl-ruby (0.7.9)

PLATFORMS
  ruby

DEPENDENCIES
  prowl (= 0.1.3)
  twitter (= 0.9.5)
